PATH
  remote: .
  specs:
    simplecov (0.3.9)
      simplecov-html (>= 0.3.7)

GEM
  remote: http://rubygems.org/
  specs:
    diff-lcs (1.1.2)
    rspec (2.0.1)
      rspec-core (~> 2.0.1)
      rspec-expectations (~> 2.0.1)
      rspec-mocks (~> 2.0.1)
    rspec-core (2.0.1)
    rspec-expectations (2.0.1)
      diff-lcs (>= 1.1.2)
    rspec-mocks (2.0.1)
      rspec-core (~> 2.0.1)
      rspec-expectations (~> 2.0.1)
    shoulda (2.10.3)
    simplecov-html (0.3.8)

PLATFORMS
  ruby

DEPENDENCIES
  rspec (~> 2.0.0)
  shoulda (= 2.10.3)
  simplecov!
  simplecov-html (>= 0.3.7)
