PATH
  remote: .
  specs:
    simplecov (0.4.0)
      simplecov-html (~> 0.4.0)

GEM
  remote: http://rubygems.org/
  specs:
    diff-lcs (1.1.2)
    rspec (2.0.1)
      rspec-core (~> 2.0.1)
      rspec-expectations (~> 2.0.1)
      rspec-mocks (~> 2.0.1)
    rspec-core (2.0.1)
    rspec-expectations (2.0.1)
      diff-lcs (>= 1.1.2)
    rspec-mocks (2.0.1)
      rspec-core (~> 2.0.1)
      rspec-expectations (~> 2.0.1)
    shoulda (2.10.3)
    simplecov-html (0.4.0)

PLATFORMS
  java
  ruby

DEPENDENCIES
  rspec (~> 2.0.0)
  shoulda (= 2.10.3)
  simplecov!
  simplecov-html (~> 0.4.0)
